GEM
  remote: https://rubygems.org/
  specs:
    colsole (0.2.0)
    docopt (0.5.0)
    runfile (0.5.1)
      colsole (~> 0.2)
      docopt (~> 0.5)

PLATFORMS
  ruby

DEPENDENCIES
  runfile
