GEM
  remote: https://rubygems.org/
  specs:
    colsole (1.0.0)
    diff-lcs (1.5.0)
    diffy (3.4.2)
    docopt_ng (0.7.1)
    gtx (0.1.0)
    requires (1.0.1)
    rspec (3.12.0)
      rspec-core (~> 3.12.0)
      rspec-expectations (~> 3.12.0)
      rspec-mocks (~> 3.12.0)
    rspec-core (3.12.1)
      rspec-support (~> 3.12.0)
    rspec-expectations (3.12.2)
      diff-lcs (>= 1.2.0, < 2.0)
      rspec-support (~> 3.12.0)
    rspec-mocks (3.12.4)
      diff-lcs (>= 1.2.0, < 2.0)
      rspec-support (~> 3.12.0)
    rspec-support (3.12.0)
    rspec_approvals (0.9.3)
      colsole (>= 0.8.1, < 2)
      diffy (~> 3.4)
      string-similarity (~> 2.1)
      strings-ansi (~> 0.2)
    runfile (1.0.1)
      colsole (>= 0.8.2, < 2.0)
      docopt_ng (~> 0.7)
      gtx (~> 0.1)
      requires (>= 0.2, < 2.0)
    string-similarity (2.1.0)
    strings-ansi (0.2.0)

PLATFORMS
  x86_64-linux

DEPENDENCIES
  rspec
  rspec_approvals
  runfile

BUNDLED WITH
   2.4.8
