GEM
  remote: https://rubygems.org/
  specs:
    colsole (0.7.2)
    diff-lcs (1.5.0)
    diffy (3.4.2)
    docopt (0.6.1)
    pastel (0.8.0)
      tty-color (~> 0.5)
    rspec (3.11.0)
      rspec-core (~> 3.11.0)
      rspec-expectations (~> 3.11.0)
      rspec-mocks (~> 3.11.0)
    rspec-core (3.11.0)
      rspec-support (~> 3.11.0)
    rspec-expectations (3.11.0)
      diff-lcs (>= 1.2.0, < 2.0)
      rspec-support (~> 3.11.0)
    rspec-mocks (3.11.1)
      diff-lcs (>= 1.2.0, < 2.0)
      rspec-support (~> 3.11.0)
    rspec-support (3.11.0)
    rspec_fixtures (0.7.5)
      colsole (~> 0.5)
      diffy (~> 3.3)
      string-similarity (~> 2.0)
      strings-ansi (~> 0.1)
      tty-prompt (~> 0.19)
    runfile (0.12.0)
      docopt (~> 0.5)
    string-similarity (2.1.0)
    strings-ansi (0.2.0)
    tty-color (0.6.0)
    tty-cursor (0.7.1)
    tty-prompt (0.23.1)
      pastel (~> 0.8)
      tty-reader (~> 0.8)
    tty-reader (0.9.0)
      tty-cursor (~> 0.7)
      tty-screen (~> 0.8)
      wisper (~> 2.0)
    tty-screen (0.8.1)
    wisper (2.0.1)

PLATFORMS
  ruby

DEPENDENCIES
  rspec
  rspec_fixtures
  runfile

BUNDLED WITH
   2.3.16
