GEM
  remote: https://rubygems.org/
  specs:
    colsole (0.4.1)
    docopt (0.6.0)
    runfile (0.9.1)
      colsole (~> 0.4)
      docopt (~> 0.5)

PLATFORMS
  ruby

DEPENDENCIES
  runfile

BUNDLED WITH
   1.14.6
