GEM
  remote: https://rubygems.org/
  specs:
    colsole (0.5.2)
    diff-lcs (1.3)
    docopt (0.6.0)
    rspec (3.7.0)
      rspec-core (~> 3.7.0)
      rspec-expectations (~> 3.7.0)
      rspec-mocks (~> 3.7.0)
    rspec-core (3.7.1)
      rspec-support (~> 3.7.0)
    rspec-expectations (3.7.0)
      diff-lcs (>= 1.2.0, < 2.0)
      rspec-support (~> 3.7.0)
    rspec-mocks (3.7.0)
      diff-lcs (>= 1.2.0, < 2.0)
      rspec-support (~> 3.7.0)
    rspec-support (3.7.0)
    rspec_fixtures (0.1.2)
    runfile (0.10.0)
      colsole (~> 0.5)
      docopt (~> 0.5)

PLATFORMS
  ruby

DEPENDENCIES
  rspec
  rspec_fixtures
  runfile

BUNDLED WITH
   1.16.1
