GEM
  remote: https://rubygems.org/
  specs:
    colsole (0.3.3)
    docopt (0.5.0)
    runfile (0.6.2)
      colsole (~> 0.3)
      docopt (~> 0.5)

PLATFORMS
  ruby

DEPENDENCIES
  runfile

BUNDLED WITH
   1.10.6
